GEM
  remote: http://rubygems.org/
  specs:
    activesupport (3.0.3)
    geoip (0.8.8)
    git (1.2.5)
    i18n (0.5.0)
    jeweler (1.8.4)
      bundler (~> 1.0)
      git (>= 1.2.5)
      rake
      rdoc
    json (1.7.5)
    newrelic_rpm (2.13.4)
    rack (1.2.1)
    rack-test (0.6.1)
      rack (>= 1.0)
    rake (0.9.2.2)
    rdoc (3.12)
      json (~> 1.4)
    shoulda (2.0.6)
    sinatra (1.1.2)
      rack (~> 1.1)
      tilt (~> 1.2)
    tilt (1.2.1)

PLATFORMS
  ruby

DEPENDENCIES
  activesupport
  geoip
  i18n
  jeweler
  newrelic_rpm
  rack-test
  rake
  shoulda
  sinatra (= 1.1.2)
